GEM
  remote: https://rubygems.org/
  specs:
    ffi (1.12.2)

PLATFORMS
  ruby

DEPENDENCIES
  ffi

BUNDLED WITH
   2.1.4
